GIT
  remote: https://github.com/benbasson/git-version-bump.git
  revision: b9274a908148f11df08d8e20a6c914b6813c52fd
  branch: windows-compatibility
  specs:

GEM
  remote: https://rubygems.org/
  specs:
    activesupport (5.1.4)
      concurrent-ruby (~> 1.0, >= 1.0.2)
      i18n (~> 0.7)
      minitest (~> 5.1)
      tzinfo (~> 1.1)
    addressable (2.3.8)
    andand (1.3.3)
    backports (3.11.0)
    concurrent-ruby (1.0.5)
    crack (0.4.3)
      safe_yaml (~> 1.0.0)
    crass (1.0.3)
    daemons (1.2.6)
    diff-lcs (1.3)
    eventmachine (1.2.5-x86-mingw32)
    faraday (0.14.0)
      multipart-post (>= 1.2, < 3)
    faraday_middleware (0.12.2)
      faraday (>= 0.7.4, < 1.0)
    feedjira (2.1.3)
      faraday (>= 0.9)
      faraday_middleware (>= 0.9)
      loofah (>= 2.0)
      sax-machine (>= 1.0)
    haml (5.0.4)
      temple (>= 0.8.0)
      tilt
    hashdiff (0.3.7)
    hashie (2.0.5)
    i18n (0.9.1)
      concurrent-ruby (~> 1.0)
    json (2.1.0)
    loofah (2.1.1)
      crass (~> 1.0.2)
      nokogiri (>= 1.5.9)
    metoffice_datapoint (0.0.2)
      addressable (~> 2.3.4)
      hashie (~> 2.0.5)
      oj (~> 2.0.14)
      rest-client (~> 1.6.7)
    mime-types (1.25.1)
    mini_portile2 (2.3.0)
    minitest (5.11.1)
    multi_json (1.13.1)
    multipart-post (2.0.0)
    mustermann (1.0.1)
    newrelic_rpm (4.7.1.340)
    nokogiri (1.8.1-x86-mingw32)
      mini_portile2 (~> 2.3.0)
    oj (2.0.14)
    rack (2.0.3)
    rack-contrib (2.0.1)
      rack (~> 2.0)
    rack-protection (2.0.0)
      rack
    redcarpet (3.4.0)
    rest-client (1.6.9)
      mime-types (~> 1.16)
    rspec (3.7.0)
      rspec-core (~> 3.7.0)
      rspec-expectations (~> 3.7.0)
      rspec-mocks (~> 3.7.0)
    rspec-core (3.7.1)
      rspec-support (~> 3.7.0)
    rspec-expectations (3.7.0)
      diff-lcs (>= 1.2.0, < 2.0)
      rspec-support (~> 3.7.0)
    rspec-mocks (3.7.0)
      diff-lcs (>= 1.2.0, < 2.0)
      rspec-support (~> 3.7.0)
    rspec-support (3.7.0)
    safe_yaml (1.0.4)
    sax-machine (1.3.2)
    sinatra (2.0.0)
      mustermann (~> 1.0)
      rack (~> 2.0)
      rack-protection (= 2.0.0)
      tilt (~> 2.0)
    sinatra-contrib (2.0.0)
      backports (>= 2.0)
      multi_json
      mustermann (~> 1.0)
      rack-protection (= 2.0.0)
      sinatra (= 2.0.0)
      tilt (>= 1.3, < 3)
    temple (0.8.0)
    thin (1.7.2)
      daemons (~> 1.0, >= 1.0.9)
      eventmachine (~> 1.0, >= 1.0.4)
      rack (>= 1, < 3)
    thread_safe (0.3.6)
    tilt (2.0.8)
    tzinfo (1.2.4)
      thread_safe (~> 0.1)
    webmock (3.3.0)
      addressable (>= 2.3.6)
      crack (>= 0.3.2)
      hashdiff

PLATFORMS
  x86-mingw32

DEPENDENCIES
  activesupport
  andand
  feedjira
  git-version-bump!
  haml
  json
  metoffice_datapoint
  newrelic_rpm
  rack-contrib
  redcarpet
  rspec
  sinatra
  sinatra-contrib
  thin
  webmock

RUBY VERSION
   ruby 2.3.1p112

BUNDLED WITH
   1.14.6
